PATH
  remote: .
  specs:
    yabeda-datadog (0.3.5)
      anyway_config (>= 1.0)
      dogapi
      dogstatsd-ruby
      yabeda

GEM
  remote: https://rubygems.org/
  specs:
    anyway_config (1.4.4)
    coderay (1.1.2)
    concurrent-ruby (1.1.5)
    diff-lcs (1.3)
    dogapi (1.34.0)
      multi_json
    dogstatsd-ruby (4.1.0)
    dry-initializer (2.5.0)
    method_source (0.9.2)
    multi_json (1.13.1)
    pry (0.12.2)
      coderay (~> 1.1.0)
      method_source (~> 0.9.0)
    rake (10.5.0)
    rspec (3.8.0)
      rspec-core (~> 3.8.0)
      rspec-expectations (~> 3.8.0)
      rspec-mocks (~> 3.8.0)
    rspec-core (3.8.0)
      rspec-support (~> 3.8.0)
    rspec-expectations (3.8.2)
      diff-lcs (>= 1.2.0, < 2.0)
      rspec-support (~> 3.8.0)
    rspec-mocks (3.8.0)
      diff-lcs (>= 1.2.0, < 2.0)
      rspec-support (~> 3.8.0)
    rspec-support (3.8.0)
    yabeda (0.1.3)
      concurrent-ruby
      dry-initializer

PLATFORMS
  ruby

DEPENDENCIES
  bundler (~> 1.17)
  pry (~> 0.12.2)
  rake (~> 10.0)
  rspec (~> 3.0)
  yabeda-datadog!

BUNDLED WITH
   1.17.3
